GEM
  remote: http://rubygems.org/
  specs:
    addressable (2.3.4)
    daemons (1.1.9)
    eventmachine (1.0.3-x86-mingw32)
    faraday (0.8.7)
      multipart-post (~> 1.1)
    httparty (0.11.0)
      multi_json (~> 1.0)
      multi_xml (>= 0.5.2)
    json (1.5.5)
    koala (1.6.0)
      addressable (~> 2.2)
      faraday (~> 0.8)
      multi_json (~> 1.3)
    multi_json (1.7.2)
    multi_xml (0.5.3)
    multipart-post (1.2.0)
    rack (1.3.10)
    rack-protection (1.5.0)
      rack
    sinatra (1.3.3)
      rack (~> 1.3, >= 1.3.6)
      rack-protection (~> 1.2)
      tilt (~> 1.3, >= 1.3.3)
    thin (1.5.1)
      daemons (>= 1.0.9)
      eventmachine (>= 0.12.6)
      rack (>= 1.0.0)
    tilt (1.3.7)

PLATFORMS
  x86-mingw32

DEPENDENCIES
  httparty
  json (= 1.5.5)
  koala
  rack (= 1.3.10)
  sinatra
  thin
